GEM
  remote: http://rubygems.org/
  specs:
    activesupport (3.0.7)
    configuration (1.2.0)
    daemons (1.1.3)
    diff-lcs (1.1.2)
    eventmachine (0.12.10)
    grit (2.4.1)
      diff-lcs (~> 1.1)
      mime-types (~> 1.15)
    heroku (2.2.8)
      launchy (>= 0.3.2)
      rest-client (~> 1.6.1)
      term-ansicolor (~> 1.0.5)
    http_router (0.7.9)
      rack (>= 1.0.0)
      url_mount (~> 0.2.1)
    i18n (0.5.0)
    json (1.5.1)
    launchy (0.4.0)
      configuration (>= 0.0.5)
      rake (>= 0.8.1)
    mail (2.3.0)
      i18n (>= 0.4.0)
      mime-types (~> 1.16)
      treetop (~> 1.4.8)
    mime-types (1.16)
    newrelic_rpm (3.0.1)
    nokogiri (1.4.4)
    padrino (0.9.28)
      padrino-admin (= 0.9.28)
      padrino-cache (= 0.9.28)
      padrino-core (= 0.9.28)
      padrino-gen (= 0.9.28)
      padrino-helpers (= 0.9.28)
      padrino-mailer (= 0.9.28)
    padrino-admin (0.9.28)
      padrino-core (= 0.9.28)
      padrino-helpers (= 0.9.28)
    padrino-cache (0.9.28)
      padrino-core (= 0.9.28)
    padrino-core (0.9.28)
      activesupport (>= 3.0.0)
      http_router (~> 0.7.5)
      sinatra (~> 1.2.6)
      thor (>= 0.14.3)
      tilt (~> 1.3.0)
      tzinfo
    padrino-gen (0.9.28)
      bundler (>= 1.0.2)
      grit
      padrino-core (= 0.9.28)
    padrino-helpers (0.9.28)
      i18n (>= 0.4.1)
      padrino-core (= 0.9.28)
    padrino-mailer (0.9.28)
      mail (>= 2.2.0)
      padrino-core (= 0.9.28)
    polyglot (0.3.1)
    rack (1.2.2)
    rack-flash (0.1.1)
      rack
    rake (0.8.7)
    rest-client (1.6.3)
      mime-types (>= 1.16)
    sass (3.1.1)
    sinatra (1.2.6)
      rack (~> 1.1)
      tilt (>= 1.2.2, < 2.0)
    slim (0.9.3)
      temple (~> 0.3.0)
      tilt (~> 1.2)
    temple (0.3.0)
    term-ansicolor (1.0.5)
    thin (1.2.11)
      daemons (>= 1.0.9)
      eventmachine (>= 0.12.6)
      rack (>= 1.0.0)
    thor (0.14.6)
    tilt (1.3)
    treetop (1.4.9)
      polyglot (>= 0.3.1)
    tzinfo (0.3.27)
    url_mount (0.2.1)
      rack

PLATFORMS
  ruby

DEPENDENCIES
  heroku
  json
  newrelic_rpm
  nokogiri
  padrino (= 0.9.28)
  rack-flash
  rake
  sass
  slim (~> 0.9.2)
  thin
